GEM
  remote: http://rubygems.org/
  specs:
    addressable (2.2.2)
    columnize (0.3.2)
    configatron (2.6.4)
      yamler (>= 0.1.0)
    crack (0.1.8)
    diff-lcs (1.1.2)
    git (1.2.5)
    happymapper (0.3.2)
      libxml-ruby (~> 1.1.3)
    jeweler (1.5.1)
      bundler (~> 1.0.0)
      git (>= 1.2.5)
      rake
    libxml-ruby (1.1.4)
    linecache (0.43)
    mime-types (1.16)
    rake (0.8.7)
    rcov (0.9.9)
    reek (1.2.8)
      ruby2ruby (~> 1.2)
      ruby_parser (~> 2.0)
      sexp_processor (~> 3.0)
    rest-client (1.6.1)
      mime-types (>= 1.16)
    roodi (2.1.0)
      ruby_parser
    rspec (2.1.0)
      rspec-core (~> 2.1.0)
      rspec-expectations (~> 2.1.0)
      rspec-mocks (~> 2.1.0)
    rspec-core (2.1.0)
    rspec-expectations (2.1.0)
      diff-lcs (~> 1.1.2)
    rspec-mocks (2.1.0)
    ruby-debug (0.10.4)
      columnize (>= 0.1)
      ruby-debug-base (~> 0.10.4.0)
    ruby-debug-base (0.10.4)
      linecache (>= 0.3)
    ruby2ruby (1.2.5)
      ruby_parser (~> 2.0)
      sexp_processor (~> 3.0)
    ruby_parser (2.0.5)
      sexp_processor (~> 3.0)
    sexp_processor (3.0.5)
    vcr (1.3.2)
    webmock (1.6.1)
      addressable (>= 2.2.2)
      crack (>= 0.1.7)
    yamler (0.1.0)
    yard (0.6.2)

PLATFORMS
  ruby

DEPENDENCIES
  bundler (~> 1.0.0)
  configatron
  happymapper
  jeweler (~> 1.5.1)
  rcov
  reek (~> 1.2.8)
  rest-client
  roodi (~> 2.1.0)
  rspec (~> 2.1.0)
  ruby-debug
  vcr
  webmock
  yard (~> 0.6.0)
